PATH
  remote: .
  specs:
    um (4.2.0)

GEM
  remote: https://rubygems.org/
  specs:
    kramdown (1.17.0)

PLATFORMS
  x86_64-linux

DEPENDENCIES
  kramdown (~> 1.17)
  um!

BUNDLED WITH
   2.3.15
