GEM
  remote: https://rubygems.org/
  specs:
    kramdown (1.17.0)
    rake (13.0.6)

PLATFORMS
  x86_64-linux

DEPENDENCIES
  kramdown (~> 1.17)
  rake

BUNDLED WITH
   2.3.9
